GEM
  remote: https://rubygems.org/
  specs:
    activesupport (3.1.12)
      multi_json (~> 1.0)
    aurora (0.2.0)
      halcyon (>= 0.3.28)
    blend-mode (0.0.1)
      compass (~> 0.12)
    breakpoint (2.0.5)
      compass (>= 0.12.1)
      sass (>= 3.2.0)
    chunky_png (1.2.8)
    color-schemer (0.2.3)
      blend-mode (~> 0.0.1)
      compass (~> 0.12)
    compass (0.12.2)
      chunky_png (~> 1.2)
      fssm (>= 0.2.7)
      sass (~> 3.1)
    erubis (2.7.0)
    extlib (0.9.16)
    fssm (0.2.10)
    halcyon (0.5.4)
      extlib (>= 0.9.5)
      json_pure (>= 1.1.2)
      merb-core (>= 0.9.5)
      rack (>= 0.4.0)
      rubigen (>= 1.2.4)
    json_pure (1.7.7)
    merb-core (1.1.3)
      bundler
      erubis (>= 2.6.2)
      extlib (>= 0.9.13)
      mime-types (>= 1.16)
      rack
      rake
    mime-types (1.23)
    modular-scale (1.0.6)
      compass (>= 0.12.1)
      sass (>= 3.2.0)
      sassy-math (>= 1.5)
    multi_json (1.7.2)
    rack (1.5.2)
    rake (10.0.4)
    rubigen (1.5.8)
      activesupport (>= 2.3.5, < 3.2.0)
    sass (3.2.8)
    sassy-math (1.5)
      compass (~> 0.11)
    singularitygs (1.0.8)
      breakpoint (>= 2.0.1)
      compass (>= 0.12.2)
      sass (>= 3.2.1)
    survivalkit (1.0.beta.15)
      breakpoint (>= 1.2)
      color-schemer (>= 0.1)
      compass (>= 0.12.2)
      modular-scale (>= 1.0)
      singularitygs (>= 0.0.17)
      susy (>= 1.0)
    susy (1.0.8)
      compass (>= 0.12.2)
      sass (>= 3.2.0)

PLATFORMS
  ruby

DEPENDENCIES
  aurora (>= 0.2.0)
  singularitygs (~> 1.0.8)
  survivalkit (>= 1.0.beta.15)
